FRAMEWORK: >= NET452
NUGET
  remote: https://www.nuget.org/api/v2
    FsCheck (2.6)
      FSharp.Core (>= 3.1.2.5)
    FsCheck.Xunit (2.6)
      FsCheck (>= 2.6)
      xunit.extensibility.execution (>= 2.1 < 3.0)
    FSharp.Core (3.1.2.5)
    Unquote (3.1.2)
    xunit (2.1)
      xunit.assert (2.1)
      xunit.core (2.1)
    xunit.abstractions (2.0)
    xunit.assert (2.1)
    xunit.core (2.1)
      xunit.extensibility.core (2.1)
      xunit.extensibility.execution (2.1)
    xunit.extensibility.core (2.1)
      xunit.abstractions (2.0)
    xunit.extensibility.execution (2.1)
      xunit.extensibility.core (2.1)
    xunit.runner.console (2.1)
